GEM
  remote: https://rubygems.org/
  specs:
    colorize (0.8.1)
    dotenv (2.8.1)
    lizarb (1.0.4)
      colorize (~> 0.8)
      dotenv (~> 2.8)
      zeitwerk (~> 2.6)
    zeitwerk (2.6.8)

PLATFORMS
  x86_64-linux

DEPENDENCIES
  lizarb (~> 1.0.4)

BUNDLED WITH
   2.4.13
