GEM
  remote: https://rubygems.org/
  specs:
    colorize (0.8.1)
    dotenv (2.8.1)
    httparty (0.21.0)
      mini_mime (>= 1.0.0)
      multi_xml (>= 0.5.2)
    lizarb (1.0.4)
      colorize (~> 0.8)
      dotenv (~> 2.8)
      zeitwerk (~> 2.6)
    mini_mime (1.1.2)
    multi_xml (0.6.0)
    zeitwerk (2.6.8)

PLATFORMS
  x86_64-linux

DEPENDENCIES
  httparty
  lizarb (~> 1.0.4)

BUNDLED WITH
   2.4.13
